GEM
  remote: http://rubygems.org/
  specs:
    json (1.5.1)
    rack (1.3.0)
    redis (2.2.1)
    sinatra (1.2.1)
      rack (~> 1.1)
      tilt (< 2.0, >= 1.2.2)
    tilt (1.3.1)

PLATFORMS
  ruby

DEPENDENCIES
  json
  redis
  sinatra
